GIT
  remote: git://github.com/zachhowe/appratings.git
  revision: c83100176b3affd34f0fbc8be2fc8089e051304b
  specs:
    appratings (0.0.1)

GEM
  remote: https://rubygems.org/
  specs:
    bcrypt-ruby (3.0.1)
    bson (1.8.5)
    bson_ext (1.8.5)
      bson (~> 1.8.5)
    json (1.7.7)
    mongo (1.8.5)
      bson (~> 1.8.5)
    nokogiri (1.5.9)
    rack (1.5.2)
    rack-protection (1.5.0)
      rack
    sinatra (1.4.2)
      rack (~> 1.5, >= 1.5.2)
      rack-protection (~> 1.4)
      tilt (~> 1.3, >= 1.3.4)
    tilt (1.4.0)

PLATFORMS
  ruby

DEPENDENCIES
  appratings!
  bcrypt-ruby (~> 3.0.1)
  bson_ext (~> 1.8.2)
  json (~> 1.7.7)
  mongo (~> 1.8.2)
  nokogiri (~> 1.5.6)
  sinatra (~> 1.4.2)
