GEM
  remote: https://rubygems.org/
  specs:
    bcrypt-ruby (3.1.2)
    bson (1.8.6)
    bson_ext (1.8.6)
      bson (~> 1.8.6)
    daemons (1.1.9)
    eventmachine (1.0.3)
    json (1.8.0)
    mongo (1.8.6)
      bson (~> 1.8.6)
    nokogiri (1.5.10)
    rack (1.5.2)
    rack-protection (1.5.0)
      rack
    sinatra (1.4.3)
      rack (~> 1.4)
      rack-protection (~> 1.4)
      tilt (~> 1.3, >= 1.3.4)
    thin (1.5.1)
      daemons (>= 1.0.9)
      eventmachine (>= 0.12.6)
      rack (>= 1.0.0)
    tilt (1.4.1)
    trollop (2.0)

PLATFORMS
  ruby

DEPENDENCIES
  bcrypt-ruby (~> 3.1.1)
  bson_ext (~> 1.8.6)
  json (~> 1.8.0)
  mongo (~> 1.8.6)
  nokogiri (~> 1.5.6)
  sinatra (~> 1.4.2)
  thin (~> 1.5.1)
  trollop (~> 2.0)
