GEM
  remote: https://rubygems.org/
  specs:
    bcrypt (3.1.9)
    bson (1.11.1)
    bson_ext (1.11.1)
      bson (~> 1.11.1)
    daemons (1.1.9)
    eventmachine (1.0.4)
    json (1.8.2)
    mini_portile (0.6.2)
    mongo (1.11.1)
      bson (= 1.11.1)
    nokogiri (1.6.6.2)
      mini_portile (~> 0.6.0)
    rack (1.6.0)
    rack-protection (1.5.3)
      rack
    sinatra (1.4.5)
      rack (~> 1.4)
      rack-protection (~> 1.4)
      tilt (~> 1.3, >= 1.3.4)
    thin (1.6.3)
      daemons (~> 1.0, >= 1.0.9)
      eventmachine (~> 1.0)
      rack (~> 1.0)
    tilt (1.4.1)
    trollop (2.1.1)

PLATFORMS
  ruby

DEPENDENCIES
  bcrypt (~> 3.1)
  bson_ext (~> 1.8)
  json (~> 1.8)
  mongo (~> 1.8)
  nokogiri (~> 1.5)
  sinatra (~> 1.4)
  thin (~> 1.5)
  trollop (~> 2.0)
